GEM
  remote: http://rubygems.org/
  specs:
    eventmachine (1.0.0.beta.3-x86-mingw32)
    middleman (1.2.7)
      coffee-script (~> 2.2.0)
      compass (~> 0.11.1)
      haml (~> 3.1.0)
      httparty (~> 0.7.0)
      padrino-core (~> 0.9.23)
      padrino-helpers (~> 0.9.23)
      rack (~> 1.0)
      rack-test (~> 0.5.0)
      sass (~> 3.1.0)
      shotgun (~> 0.8.0)
      sinatra (~> 1.2.0)
      thin (~> 1.2.0)
      thor (~> 0.14.0)
      tilt (~> 1.3.0)
      uglifier (~> 0.5.0)

PLATFORMS
  x86-mingw32

DEPENDENCIES
  eventmachine (~> 1.0.0.beta.3)
  middleman (~> 1.2.7)
